GEM
  remote: https://rubygems.org/
  specs:
    dotenv (2.4.0)
    excon (0.62.0)
    iodine (0.5.1)
      rack (>= 1.0, < 3.0)
    json (2.1.0)
    mailchimp-api (2.0.6)
      excon (>= 0.16.0)
      json (>= 1.7.7)
    mustermann (1.0.2)
    rack (2.0.5)
    rack-protection (2.0.1)
      rack
    sinatra (2.0.1)
      mustermann (~> 1.0)
      rack (~> 2.0)
      rack-protection (= 2.0.1)
      tilt (~> 2.0)
    tilt (2.0.8)

PLATFORMS
  ruby

DEPENDENCIES
  dotenv
  iodine
  mailchimp-api
  sinatra (~> 2.0)

BUNDLED WITH
   1.16.1
