GEM
  remote: https://rubygems.org/
  specs:
    iodine (0.5.1)
      rack (>= 1.0, < 3.0)
    mustermann (1.0.2)
    rack (2.0.5)
    rack-protection (2.0.1)
      rack
    sinatra (2.0.1)
      mustermann (~> 1.0)
      rack (~> 2.0)
      rack-protection (= 2.0.1)
      tilt (~> 2.0)
    tilt (2.0.8)

PLATFORMS
  ruby

DEPENDENCIES
  iodine
  sinatra (~> 2.0)

BUNDLED WITH
   1.16.1
